PATH
  remote: .
  specs:
    rascal (0.1.0)
      thor (~> 0.20.3)

GEM
  remote: https://rubygems.org/
  specs:
    rake (10.5.0)
    thor (0.20.3)

PLATFORMS
  ruby

DEPENDENCIES
  rake (~> 10.0)
  rascal!

BUNDLED WITH
   1.17.1
